NUGET
  remote: https://nuget.org/api/v2
  specs:
    FakeItEasy (1.25.3)
    ImpromptuInterface (6.2.2)
    NUnit (2.6.4)
    SpecFlow (1.9.0)
    SpecFlow.NUnit (1.1.1)
      NUnit (>= 2.6)
      SpecFlow
