NUGET
  remote: https://nuget.org/api/v2
  specs:
    FakeItEasy (1.25.3)
    ImpromptuInterface (6.2.2)
    Microsoft.CodeDom.Providers.DotNetCompilerPlatform (1.0.1)
      Microsoft.Net.Compilers (>= 1.0.0)
    Microsoft.Net.Compilers (1.0.0)
    Microsoft.Owin (3.0.1)
      Owin (>= 1.0)
    Microsoft.Owin.Host.SystemWeb (3.0.1)
      Microsoft.Owin (>= 3.0.1)
      Owin (>= 1.0)
    Nancy (1.3.0)
    Nancy.Owin (1.3.0)
      Nancy (>= 1.3.0)
      Owin (>= 1.0)
    Nancy.Validation.DataAnnotations (1.3.0)
      Nancy (>= 1.3.0)
    NUnit (2.6.4)
    Owin (1.0.0)
    SpecFlow (1.9.0)
    SpecFlow.NUnit (1.1.1)
      NUnit (>= 2.6)
      SpecFlow
